GEM
  remote: https://rubygems.org/
  specs:
    awesome_print (1.1.0)
    coderay (1.0.8)
    method_source (0.8.1)
    pry (0.9.11.2)
      coderay (~> 1.0.5)
      method_source (~> 0.8)
      slop (~> 3.4)
    slop (3.4.3)

PLATFORMS
  ruby

DEPENDENCIES
  awesome_print
  pry
